PATH
  remote: .
  specs:
    backup_hound (0.0.1)
      net-ssh
      open4

GEM
  remote: http://rubygems.org/
  specs:
    diff-lcs (1.1.3)
    json (1.6.5)
    net-ssh (2.3.0)
    open4 (1.3.0)
    rake (0.9.2.2)
    rdoc (3.12)
      json (~> 1.4)
    rspec (2.8.0)
      rspec-core (~> 2.8.0)
      rspec-expectations (~> 2.8.0)
      rspec-mocks (~> 2.8.0)
    rspec-core (2.8.0)
    rspec-expectations (2.8.0)
      diff-lcs (~> 1.1.2)
    rspec-mocks (2.8.0)

PLATFORMS
  ruby

DEPENDENCIES
  backup_hound!
  rake
  rdoc
  rspec
